GEM
  remote: https://rubygems.org/
  specs:
    rouge (1.11.1)
    xcpretty (0.2.4)
      rouge (~> 1.8)
    xcpretty-json-formatter (0.1.0)
      xcpretty (~> 0.2, >= 0.0.7)

PLATFORMS
  ruby

DEPENDENCIES
  xcpretty
  xcpretty-json-formatter

BUNDLED WITH
   1.13.6
